PATH
  remote: .
  specs:
    nugen_barcode_splitter (0.0.1)

GEM
  remote: http://rubygems.org/
  specs:

PLATFORMS
  ruby

DEPENDENCIES
  nugen_barcode_splitter!
